GIT
  remote: git://github.com/stefl/hstore-attributes.git
  revision: a2c22de7f35e7e9a7d1140a1c120db9237970483
  specs:
    hstore-attributes (0.0.4)
      activerecord (>= 3.1)
      activerecord-postgres-hstore (>= 0.7.0)
      pg

GEM
  remote: https://rubygems.org/
  specs:
    activemodel (3.2.13)
      activesupport (= 3.2.13)
      builder (~> 3.0.0)
    activerecord (3.2.13)
      activemodel (= 3.2.13)
      activesupport (= 3.2.13)
      arel (~> 3.0.2)
      tzinfo (~> 0.3.29)
    activerecord-postgres-hstore (0.7.6)
      activerecord (>= 3.1)
      pg-hstore (>= 1.1.5)
      rake
    activesupport (3.2.13)
      i18n (= 0.6.1)
      multi_json (~> 1.0)
    arel (3.0.2)
    builder (3.0.4)
    i18n (0.6.1)
    mini_record (0.3.1)
      activerecord (>= 3.2.0)
    multi_json (1.7.7)
    pg (0.15.1)
    pg-hstore (1.1.7)
    rake (10.1.0)
    tzinfo (0.3.37)

PLATFORMS
  ruby

DEPENDENCIES
  activerecord
  activesupport
  hstore-attributes!
  mini_record
  pg
